PATH
  remote: .
  specs:
    sfn-ssm (0.1.0)
      aws-sdk-ssm
      sfn-parameters (>= 0.3.0)

GEM
  remote: https://rubygems.org/
  specs:
    addressable (2.5.2)
      public_suffix (>= 2.0.2, < 4.0)
    attribute_struct (0.4.2)
      bogo (>= 0.1.31, < 0.3.0)
    aws-eventstream (1.0.1)
    aws-partitions (1.103.0)
    aws-sdk-core (3.27.0)
      aws-eventstream (~> 1.0)
      aws-partitions (~> 1.0)
      aws-sigv4 (~> 1.0)
      jmespath (~> 1.0)
    aws-sdk-ssm (1.25.0)
      aws-sdk-core (~> 3, >= 3.26.0)
      aws-sigv4 (~> 1.0)
    aws-sigv4 (1.0.3)
    bogo (0.2.12)
      hashie
      multi_json
    bogo-cli (0.2.14)
      bogo (>= 0.1.6, < 0.6)
      bogo-config (>= 0.1.15, < 0.5)
      bogo-ui
      slop (~> 3)
    bogo-config (0.2.2)
      attribute_struct
      bogo (>= 0.1.4, < 1.0)
      multi_json
      multi_xml
    bogo-ui (0.1.28)
      bogo
      command_line_reporter
      paint
    colored (1.2)
    command_line_reporter (4.0.0)
      colored (>= 1.2)
    diff-lcs (1.3)
    domain_name (0.5.20180417)
      unf (>= 0.0.5, < 1.0.0)
    graph (2.8.2)
    hashdiff (0.2.3)
    hashie (3.6.0)
    http (1.0.4)
      addressable (~> 2.3)
      http-cookie (~> 1.0)
      http-form_data (~> 1.0.1)
      http_parser.rb (~> 0.6.0)
    http-cookie (1.0.3)
      domain_name (~> 0.5)
    http-form_data (1.0.3)
    http_parser.rb (0.6.0)
    jmespath (1.4.0)
    miasma (0.3.4)
      bogo (>= 0.2.2, < 1.0)
      http (>= 0.8.12, < 2.0)
      multi_json
      multi_xml
      xml-simple
    miasma-aws (0.3.22)
      miasma (>= 0.3.3, < 0.5)
    miasma-azure (0.1.4)
    miasma-google (0.1.0)
      miasma (>= 0.2.12)
      mime-types
    miasma-open-stack (0.1.4)
    miasma-rackspace (0.1.2)
      miasma-open-stack
    miasma-terraform (0.1.2)
    mime-types (3.2.2)
      mime-types-data (~> 3.2015)
    mime-types-data (3.2018.0812)
    multi_json (1.13.1)
    multi_xml (0.6.0)
    net-ssh (5.0.2)
    paint (2.0.1)
    public_suffix (3.0.3)
    rake (10.5.0)
    rspec (3.8.0)
      rspec-core (~> 3.8.0)
      rspec-expectations (~> 3.8.0)
      rspec-mocks (~> 3.8.0)
    rspec-core (3.8.0)
      rspec-support (~> 3.8.0)
    rspec-expectations (3.8.2)
      diff-lcs (>= 1.2.0, < 2.0)
      rspec-support (~> 3.8.0)
    rspec-mocks (3.8.0)
      diff-lcs (>= 1.2.0, < 2.0)
      rspec-support (~> 3.8.0)
    rspec-support (3.8.0)
    sfn (3.0.32)
      bogo-cli (>= 0.2.5, < 0.4)
      bogo-ui (>= 0.1.28, < 0.4)
      graph (~> 2.8.1)
      hashdiff (~> 0.2.2)
      jmespath
      miasma (>= 0.3.3, < 0.4)
      miasma-aws (>= 0.3.15, < 0.4)
      miasma-azure (>= 0.1.0, < 0.3)
      miasma-google (>= 0.1.0, < 0.3)
      miasma-open-stack (>= 0.1.0, < 0.3)
      miasma-rackspace (>= 0.1.0, < 0.3)
      miasma-terraform (>= 0.1.0, < 0.2.0)
      net-ssh
      sparkle_formation (>= 3.0.11, < 4)
    sfn-parameters (0.3.0)
      sfn (>= 3.0, < 4.0)
    slop (3.6.0)
    sparkle_formation (3.0.32)
      attribute_struct (>= 0.3.5, < 0.5)
      bogo
      multi_json
    unf (0.1.4)
      unf_ext
    unf_ext (0.0.7.5)
    xml-simple (1.1.5)

PLATFORMS
  ruby

DEPENDENCIES
  rake (~> 10)
  rspec (~> 3.5)
  sfn-ssm!

BUNDLED WITH
   1.15.1
